GEM
  remote: https://rubygems.org/
  specs:
    abstract_type (0.0.7)
    adamantium (0.2.0)
      ice_nine (~> 0.11.0)
      memoizable (~> 0.4.0)
    ast (2.0.0)
    astrolabe (1.3.0)
      parser (>= 2.2.0.pre.3, < 3.0)
    attributable (0.1.0)
    concord (0.1.5)
      adamantium (~> 0.2.0)
      equalizer (~> 0.0.9)
    diff-lcs (1.2.5)
    equalizer (0.0.11)
    gli (2.13.1)
    ice_nine (0.11.1)
    memoizable (0.4.2)
      thread_safe (~> 0.3, >= 0.3.1)
    metamorpher (0.2.2)
      attributable (~> 0.1.0)
      parser (~> 2.2.2)
      unparser (~> 0.2.4)
    mutiny (0.1.0)
      gli (~> 2.13.0)
      metamorpher (~> 0.2.2)
      parser (~> 2.2.2)
      unparser (~> 0.2.4)
    parser (2.2.2.5)
      ast (>= 1.1, < 3.0)
    powerpack (0.1.1)
    procto (0.0.2)
    rainbow (2.0.0)
    rake (10.4.2)
    rspec (3.2.0)
      rspec-core (~> 3.2.0)
      rspec-expectations (~> 3.2.0)
      rspec-mocks (~> 3.2.0)
    rspec-core (3.2.3)
      rspec-support (~> 3.2.0)
    rspec-expectations (3.2.1)
      diff-lcs (>= 1.2.0, < 2.0)
      rspec-support (~> 3.2.0)
    rspec-mocks (3.2.1)
      diff-lcs (>= 1.2.0, < 2.0)
      rspec-support (~> 3.2.0)
    rspec-support (3.2.2)
    rubocop (0.31.0)
      astrolabe (~> 1.3)
      parser (>= 2.2.2.1, < 3.0)
      powerpack (~> 0.1)
      rainbow (>= 1.99.1, < 3.0)
      ruby-progressbar (~> 1.4)
    ruby-progressbar (1.7.5)
    thread_safe (0.3.5)
    unparser (0.2.4)
      abstract_type (~> 0.0.7)
      adamantium (~> 0.2.0)
      concord (~> 0.1.5)
      diff-lcs (~> 1.2.5)
      equalizer (~> 0.0.9)
      parser (~> 2.2.2)
      procto (~> 0.0.2)

PLATFORMS
  ruby

DEPENDENCIES
  mutiny (~> 0.1.0)
  rake (~> 10.4.2)
  rspec (~> 3.2.0)
  rubocop (~> 0.31.0)

BUNDLED WITH
   1.10.3
